PATH
  remote: .
  specs:
    sdl2-win93 (1.0.0)

GEM
  remote: https://rubygems.org/
  specs:
    rake (13.0.1)
    rake-compiler (0.9.9)
      rake
    yard (0.8.7.6)

PLATFORMS
  ruby

DEPENDENCIES
  rake (~> 13.0)
  rake-compiler (~> 0.9)
  sdl2-win93!
  yard (~> 0.8)

BUNDLED WITH
   2.1.4
